GEM
  remote: https://rubygems.org/
  specs:
    activesupport (5.0.0.1)
      concurrent-ruby (~> 1.0, >= 1.0.2)
      i18n (~> 0.7)
      minitest (~> 5.1)
      tzinfo (~> 1.1)
    addressable (2.8.2)
      public_suffix (>= 2.0.2, < 6.0)
    axiom-types (0.1.1)
      descendants_tracker (~> 0.0.4)
      ice_nine (~> 0.11.0)
      thread_safe (~> 0.3, >= 0.3.1)
    coderay (1.1.1)
    coercible (1.0.0)
      descendants_tracker (~> 0.0.1)
    concurrent-ruby (1.0.2)
    descendants_tracker (0.0.4)
      thread_safe (~> 0.3, >= 0.3.1)
    droplet_kit (2.0.1)
      activesupport (> 3.0, < 5.1)
      faraday (~> 0.9.1)
      kartograph (~> 0.2.3)
      resource_kit (~> 0.1.5)
      virtus (~> 1.0.3)
    equalizer (0.0.11)
    faraday (0.9.2)
      multipart-post (>= 1.2, < 3)
    i18n (0.7.0)
    ice_nine (0.11.2)
    json (1.8.3)
    kartograph (0.2.4)
    method_source (0.8.2)
    minitest (5.10.1)
    multipart-post (2.0.0)
    pry (0.10.4)
      coderay (~> 1.1.0)
      method_source (~> 0.8.1)
      slop (~> 3.4)
    public_suffix (5.0.1)
    puma (3.6.2)
    rack (1.6.5)
    rack-protection (1.5.3)
      rack
    rake (12.0.0)
    resource_kit (0.1.6)
      addressable (>= 2.3.6, < 3.0.0)
    sinatra (1.4.7)
      rack (~> 1.5)
      rack-protection (~> 1.4)
      tilt (>= 1.3, < 3)
    slop (3.6.0)
    thread_safe (0.3.5)
    tilt (2.0.5)
    tzinfo (1.2.2)
      thread_safe (~> 0.1)
    virtus (1.0.5)
      axiom-types (~> 0.1)
      coercible (~> 1.0)
      descendants_tracker (~> 0.0, >= 0.0.3)
      equalizer (~> 0.0, >= 0.0.9)

PLATFORMS
  ruby

DEPENDENCIES
  droplet_kit
  json (~> 1.8.3)
  pry
  puma (~> 3.0)
  rake
  sinatra (~> 1.4.7)

BUNDLED WITH
   1.12.5
